PATH
  remote: .
  specs:
    faraday (0.5.0)
      addressable (~> 2.1.1)
      multipart-post (~> 1.0.1)
      rack (~> 1.0.1)

GEM
  remote: http://rubygems.org/
  specs:
    addressable (2.1.2)
    multipart-post (1.0.1)
    rack (1.0.1)
    rake (0.8.7)
    sinatra (1.0)
      rack (>= 1.0)

PLATFORMS
  ruby

DEPENDENCIES
  addressable (~> 2.1.1)
  faraday!
  multipart-post (~> 1.0.1)
  rack (~> 1.0.1)
  rake (~> 0.8.7)
  sinatra (~> 1.0.0)
